GEM
  remote: https://rubygems.org/
  specs:
    childprocess (4.1.0)
    regexp_parser (2.2.0)
    rexml (3.2.5)
    rubyzip (2.3.2)
    selenium-webdriver (4.1.0)
      childprocess (>= 0.5, < 5.0)
      rexml (~> 3.2, >= 3.2.5)
      rubyzip (>= 1.2.2)
    watir (7.1.0)
      regexp_parser (>= 1.2, < 3)
      selenium-webdriver (~> 4.0)

PLATFORMS
  arm64-darwin-20

DEPENDENCIES
  watir

BUNDLED WITH
   2.2.3
